GEM
  remote: http://rubygems.org/
  specs:
    activesupport (3.0.9)
    addressable (2.3.2)
    akami (1.2.0)
      gyoku (>= 0.4.0)
      nokogiri (>= 1.4.0)
    builder (2.1.2)
    crack (0.3.1)
    diff-lcs (1.1.3)
    faraday (0.8.9)
      multipart-post (~> 1.2.0)
    git (1.2.9.1)
    github_api (0.10.1)
      addressable
      faraday (~> 0.8.1)
      hashie (>= 1.2)
      multi_json (~> 1.4)
      nokogiri (~> 1.5.2)
      oauth2
    gyoku (0.4.6)
      builder (>= 2.1.2)
    hashie (3.4.2)
    highline (1.6.20)
    httparty (0.10.2)
      multi_json (~> 1.0)
      multi_xml (>= 0.5.2)
    httpi (1.1.1)
      rack
    i18n (0.6.1)
    jeweler (1.8.8)
      builder
      bundler (~> 1.0)
      git (>= 1.2.5)
      github_api (= 0.10.1)
      highline (>= 1.6.15)
      nokogiri (= 1.5.10)
      rake
      rdoc
    json (1.7.5)
    jwt (1.5.0)
    little-plugger (1.1.3)
    logging (1.8.0)
      little-plugger (>= 1.1.3)
      multi_json (>= 1.3.6)
    multi_json (1.12.1)
    multi_xml (0.6.0)
    multipart-post (1.2.0)
    nokogiri (1.5.10)
    nori (1.1.3)
    oauth2 (1.0.0)
      faraday (>= 0.8, < 0.10)
      jwt (~> 1.0)
      multi_json (~> 1.3)
      multi_xml (~> 0.5)
      rack (~> 1.2)
    rack (1.4.1)
    rake (10.4.2)
    rcov (1.0.0)
    rdoc (3.12)
      json (~> 1.4)
    rspec (2.7.0)
      rspec-core (~> 2.7.0)
      rspec-expectations (~> 2.7.0)
      rspec-mocks (~> 2.7.0)
    rspec-core (2.7.1)
    rspec-expectations (2.7.0)
      diff-lcs (~> 1.1.2)
    rspec-mocks (2.7.0)
    savon (1.1.0)
      akami (~> 1.2.0)
      builder (>= 2.1.2)
      gyoku (~> 0.4.5)
      httpi (~> 1.1.0)
      nokogiri (>= 1.4.0)
      nori (~> 1.1.0)
      wasabi (~> 2.5.0)
    tzinfo (0.3.39)
    uuidtools (2.1.3)
    wasabi (2.5.1)
      httpi (~> 1.0)
      nokogiri (>= 1.4.0)
    webmock (1.8.10)
      addressable (>= 2.2.7)
      crack (>= 0.1.7)

PLATFORMS
  ruby

DEPENDENCIES
  activesupport (~> 3.0.9)
  builder (~> 2.1)
  bundler
  httparty (~> 0.10.2)
  i18n (~> 0.5)
  jeweler (~> 1.8.8)
  logging (~> 1.7)
  nokogiri (~> 1.5.10)
  rcov
  rdoc (~> 3.12)
  rspec (= 2.7.0)
  savon (~> 1.1)
  tzinfo (~> 0.3)
  uuidtools (~> 2.1)
  webmock
