GEM
  remote: http://rubygems.org/
  specs:
    activesupport (3.0.12)
    addressable (2.2.7)
    akami (1.0.0)
      gyoku (>= 0.4.0)
    builder (2.1.2)
    crack (0.3.1)
    diff-lcs (1.1.3)
    git (1.2.5)
    gyoku (0.4.4)
      builder (>= 2.1.2)
    httparty (0.8.1)
      multi_json
      multi_xml
    httpi (0.9.6)
      rack
    i18n (0.6.0)
    jeweler (1.8.3)
      bundler (~> 1.0)
      git (>= 1.2.5)
      rake
      rdoc
    json (1.6.5)
    little-plugger (1.1.3)
    logging (1.6.1)
      little-plugger (>= 1.1.2)
    multi_json (1.0.4)
    multi_xml (0.4.1)
    nokogiri (1.5.0)
    nori (1.1.0)
    rack (1.4.1)
    rake (0.9.2.2)
    rcov (1.0.0)
    rdoc (3.12)
      json (~> 1.4)
    rspec (2.7.0)
      rspec-core (~> 2.7.0)
      rspec-expectations (~> 2.7.0)
      rspec-mocks (~> 2.7.0)
    rspec-core (2.7.1)
    rspec-expectations (2.7.0)
      diff-lcs (~> 1.1.2)
    rspec-mocks (2.7.0)
    savon (0.9.9)
      akami (~> 1.0)
      builder (>= 2.1.2)
      gyoku (>= 0.4.0)
      httpi (~> 0.9)
      nokogiri (>= 1.4.0)
      nori (~> 1.1)
      wasabi (~> 2.1)
    tzinfo (0.3.32)
    uuidtools (2.1.2)
    wasabi (2.1.0)
      nokogiri (>= 1.4.0)
    webmock (1.7.10)
      addressable (~> 2.2, > 2.2.5)
      crack (>= 0.1.7)

PLATFORMS
  ruby

DEPENDENCIES
  activesupport
  builder
  bundler (~> 1.0.0)
  httparty
  i18n
  jeweler (~> 1.8.3)
  logging
  nokogiri
  rcov
  rdoc (~> 3.12)
  rspec (= 2.7.0)
  savon
  tzinfo
  uuidtools
  webmock
